GIT
  remote: git@github.com:newrelic-platform/newrelic_plugin.git
  revision: e5c20e1a333d6de16be1c690e5e5704bf7637ce8
  branch: release
  specs:
    newrelic_plugin (0.3.0)
      faraday (>= 0.8.1)
      json

GEM
  remote: https://rubygems.org/
  specs:
    aws-sdk (1.9.1)
      json (~> 1.4)
      nokogiri (>= 1.4.4)
      uuidtools (~> 2.1)
    faraday (0.8.7)
      multipart-post (~> 1.1)
    json (1.8.0)
    mini_portile (0.5.0)
    multipart-post (1.2.0)
    nokogiri (1.6.0)
      mini_portile (~> 0.5.0)
    uuidtools (2.1.4)

PLATFORMS
  ruby

DEPENDENCIES
  aws-sdk (= 1.9.1)
  newrelic_plugin!
