GIT
  remote: git@github.com:newrelic-platform/newrelic_plugin.git
  revision: 345deb7a8508680eb54bab0119a9e8c52df484e1
  specs:
    newrelic_plugin (0.2.9)
      faraday (>= 0.8.1)

GEM
  remote: https://rubygems.org/
  specs:
    aws-sdk (1.9.1)
      json (~> 1.4)
      nokogiri (>= 1.4.4)
      uuidtools (~> 2.1)
    faraday (0.8.4)
      multipart-post (~> 1.1)
    json (1.7.7)
    multipart-post (1.1.5)
    nokogiri (1.5.9)
    uuidtools (2.1.3)

PLATFORMS
  ruby

DEPENDENCIES
  aws-sdk (= 1.9.1)
  newrelic_plugin!
